PATH
  remote: .
  specs:
    bundler-viz (0.1.0)

GEM
  remote: https://rubygems.org/
  specs:
    minitest (5.14.4)
    rake (13.0.6)

PLATFORMS
  arm64-darwin-20

DEPENDENCIES
  bundler-viz!
  minitest (~> 5.0)
  rake (~> 13.0)

BUNDLED WITH
   2.3.0.dev
